PATH
  remote: .
  specs:
    rails-erd (0.5.1pre)
      activerecord (~> 3.0)
      activesupport (~> 3.0)
      choice (~> 0.1.4)
      ruby-graphviz (~> 1.0)

GEM
  remote: http://rubygems.org/
  specs:
    activemodel (3.2.5)
      activesupport (= 3.2.5)
      builder (~> 3.0.0)
    activerecord (3.2.5)
      activemodel (= 3.2.5)
      activesupport (= 3.2.5)
      arel (~> 3.0.2)
      tzinfo (~> 0.3.29)
    activerecord-jdbc-adapter (1.1.1)
    activesupport (3.2.5)
      i18n (~> 0.6)
      multi_json (~> 1.0)
    arel (3.0.2)
    bouncy-castle-java (1.5.0146.1)
    builder (3.0.0)
    choice (0.1.6)
    i18n (0.6.0)
    jdbc-sqlite3 (3.6.14.2.056-java)
    jruby-openssl (0.7.4)
      bouncy-castle-java
    multi_json (1.3.6)
    rake (0.9.2)
    ruby-graphviz (1.0.5)
    sqlite3 (1.3.3)
    tzinfo (0.3.33)

PLATFORMS
  java
  ruby

DEPENDENCIES
  activerecord-jdbc-adapter
  jdbc-sqlite3
  jruby-openssl
  rails-erd!
  rake (~> 0.9)
  sqlite3
